GEM
  remote: https://rubygems.org/
  specs:
    codeguessing (0.4.7)
      colorize
    coderay (1.1.1)
    colorize (0.8.1)
    json (2.0.2)
    method_source (0.8.2)
    pry (0.10.4)
      coderay (~> 1.1.0)
      method_source (~> 0.8.1)
      slop (~> 3.4)
    rack (2.0.1)
    slop (3.6.0)

PLATFORMS
  ruby

DEPENDENCIES
  codeguessing
  json
  pry
  rack

BUNDLED WITH
   1.13.6
